PATH
  remote: .
  specs:
    bark (0.0.2)
      hashie (~> 3.3)
      json (~> 1.8)

GEM
  remote: https://rubygems.org/
  specs:
    awesome_print (1.7.0)
    byebug (3.5.1)
      columnize (~> 0.8)
      debugger-linecache (~> 1.2)
      slop (~> 3.6)
    columnize (0.9.0)
    debugger-linecache (1.2.0)
    diff-lcs (1.3)
    hashie (3.5.5)
    json (1.8.6)
    rake (10.5.0)
    rspec (3.6.0)
      rspec-core (~> 3.6.0)
      rspec-expectations (~> 3.6.0)
      rspec-mocks (~> 3.6.0)
    rspec-core (3.6.0)
      rspec-support (~> 3.6.0)
    rspec-expectations (3.6.0)
      diff-lcs (>= 1.2.0, < 2.0)
      rspec-support (~> 3.6.0)
    rspec-mocks (3.6.0)
      diff-lcs (>= 1.2.0, < 2.0)
      rspec-support (~> 3.6.0)
    rspec-support (3.6.0)
    slop (3.6.0)

PLATFORMS
  ruby

DEPENDENCIES
  awesome_print (~> 1.2)
  bark!
  bundler (~> 1.5)
  byebug (~> 3.4)
  rake (~> 10.3)
  rspec (~> 3.1)

BUNDLED WITH
   1.14.6
